GEM
  remote: http://rubygems.org/
  specs:
    chuck_norris (0.1.0)
    coderay (1.1.2)
    method_source (0.9.2)
    pry (0.12.2)
      coderay (~> 1.1.0)
      method_source (~> 0.9.0)

PLATFORMS
  x64-mingw32

DEPENDENCIES
  chuck_norris!
  pry!

BUNDLED WITH
   2.0.1
